GEM
  remote: https://rubygems.org/
  specs:
    htmlentities (4.3.1)
    json (1.7.7)
    nokogiri (1.5.9)
    rack (1.5.2)
    rack-protection (1.5.0)
      rack
    sinatra (1.3.5)
      rack (~> 1.4)
      rack-protection (~> 1.3)
      tilt (~> 1.3, >= 1.3.3)
    tilt (1.3.7)

PLATFORMS
  ruby

DEPENDENCIES
  htmlentities (= 4.3.1)
  json (= 1.7.7)
  nokogiri (= 1.5.9)
  sinatra (= 1.3.5)
